PATH
  remote: .
  specs:
    google-webfonts (0.3.0)

GEM
  remote: https://rubygems.org/
  specs:
    ansi (1.5.0)
    builder (3.2.3)
    docile (1.3.0)
    json (2.1.0)
    minitest (5.3.5)
    minitest-reporters (1.2.0)
      ansi
      builder
      minitest (>= 5.0)
      ruby-progressbar
    rake (10.5.0)
    ruby-progressbar (1.9.0)
    simplecov (0.16.1)
      docile (~> 1.1)
      json (>= 1.8, < 3)
      simplecov-html (~> 0.10.0)
    simplecov-html (0.10.2)
    yard (0.9.12)

PLATFORMS
  ruby

DEPENDENCIES
  bundler (~> 1.16)
  google-webfonts!
  minitest (~> 5.0)
  minitest-reporters (~> 1.2)
  rake (~> 10.0)
  simplecov (~> 0.16)
  yard (~> 0.9)

BUNDLED WITH
   1.16.1
